GEM
  remote: https://rubygems.org/
  specs:
    concurrent-ruby (1.0.4)
    concurrent-ruby-edge (0.3.0)
      concurrent-ruby (= 1.0.4)
    concurrent-ruby-ext (1.0.4)
      concurrent-ruby (= 1.0.4)
    eventmachine (1.2.0.1)
    parallel (1.10.0)
    rubinius-actor (0.0.2)
      rubinius-core-api
    rubinius-core-api (0.0.1)
    ruby-progressbar (1.8.1)

PLATFORMS
  ruby

DEPENDENCIES
  concurrent-ruby
  concurrent-ruby-edge
  concurrent-ruby-ext
  eventmachine
  parallel
  rubinius-actor
  ruby-progressbar

BUNDLED WITH
   1.14.3
