GEM
  remote: https://rubygems.org/
  specs:
    concurrent-ruby (1.0.4)
    concurrent-ruby-edge (0.3.0)
      concurrent-ruby (= 1.0.4)
    concurrent-ruby-ext (1.0.4)
      concurrent-ruby (= 1.0.4)
    em-promise (1.1.1)
      eventmachine (>= 1.0.0.beta.4)
    eventmachine (1.2.0.1)
    parallel (1.10.0)
    ruby-progressbar (1.8.1)

PLATFORMS
  ruby

DEPENDENCIES
  concurrent-ruby
  concurrent-ruby-edge
  concurrent-ruby-ext
  em-promise
  eventmachine
  parallel
  ruby-progressbar

BUNDLED WITH
   1.14.6
